PATH
  remote: .
  specs:
    luminol (1.0)

GEM
  remote: https://rubygems.org/
  specs:
    atk (3.5.1)
      glib2 (= 3.5.1)
    cairo (1.17.5)
      native-package-installer (>= 1.0.3)
      pkg-config (>= 1.2.2)
      red-colors
    cairo-gobject (3.5.1)
      cairo (>= 1.16.2)
      glib2 (= 3.5.1)
    fiddle (1.1.0)
    gdk3 (3.5.1)
      cairo-gobject (= 3.5.1)
      gdk_pixbuf2 (= 3.5.1)
      pango (= 3.5.1)
    gdk_pixbuf2 (3.5.1)
      gio2 (= 3.5.1)
    gio2 (3.5.1)
      fiddle
      gobject-introspection (= 3.5.1)
    glib2 (3.5.1)
      native-package-installer (>= 1.0.3)
      pkg-config (>= 1.3.5)
    gobject-introspection (3.5.1)
      glib2 (= 3.5.1)
    gtk3 (3.5.1)
      atk (= 3.5.1)
      gdk3 (= 3.5.1)
      gdk_pixbuf2 (= 3.5.1)
      gio2 (= 3.5.1)
      pango (= 3.5.1)
    matrix (0.4.2)
    native-package-installer (1.1.4)
    opengl-bindings2 (2.0.0)
    optparse (0.2.0)
    pango (3.5.1)
      cairo-gobject (= 3.5.1)
      gobject-introspection (= 3.5.1)
    pkg-config (1.4.7)
    rake (13.0.6)
    red-colors (0.3.0)
      matrix

PLATFORMS
  x64-mingw-ucrt
  x86_64-linux

DEPENDENCIES
  gtk3
  luminol!
  opengl-bindings2
  optparse
  rake

BUNDLED WITH
   2.3.14
